GEM
  remote: https://rubygems.org/
  specs:
    mini_portile2 (2.8.7)
    nokogiri (1.15.4)
      mini_portile2 (~> 2.8.2)
      racc (~> 1.4)
    racc (1.8.0)

PLATFORMS
  x64-mingw-ucrt

DEPENDENCIES
  nokogiri (= 1.15.4)

BUNDLED WITH
   2.5.9
